GEM
  remote: https://rubygems.org/
  specs:
    gibbon (1.1.5)
      httparty
      multi_json (>= 1.9.0)
    httparty (0.13.3)
      json (~> 1.8)
      multi_xml (>= 0.5.2)
    json (1.8.2)
    multi_json (1.11.0)
    multi_xml (0.5.5)

PLATFORMS
  ruby

DEPENDENCIES
  gibbon
